PATH
  remote: .
  specs:
    tm (0.0.1)
      gli (= 2.5.5)
      rainbow
      taskmapper
      taskmapper-kanbanpad
      terminal-table

GEM
  remote: https://rubygems.org/
  specs:
    activemodel (3.2.13)
      activesupport (= 3.2.13)
      builder (~> 3.0.0)
    activeresource (3.2.13)
      activemodel (= 3.2.13)
      activesupport (= 3.2.13)
    activesupport (3.2.13)
      i18n (= 0.6.1)
      multi_json (~> 1.0)
    aruba (0.5.1)
      childprocess (~> 0.3.6)
      cucumber (>= 1.1.1)
      rspec-expectations (>= 2.7.0)
    builder (3.0.4)
    childprocess (0.3.9)
      ffi (~> 1.0, >= 1.0.11)
    cucumber (1.2.3)
      builder (>= 2.1.2)
      diff-lcs (>= 1.1.3)
      gherkin (~> 2.11.6)
      multi_json (~> 1.3)
    diff-lcs (1.2.1)
    ffi (1.6.0)
    gherkin (2.11.6)
      json (>= 1.7.6)
    gli (2.5.5)
    hashie (1.2.0)
    i18n (0.6.1)
    json (1.7.7)
    multi_json (1.7.2)
    rainbow (1.1.4)
    rake (10.0.3)
    rdoc (4.0.0)
      json (~> 1.4)
    rspec (2.13.0)
      rspec-core (~> 2.13.0)
      rspec-expectations (~> 2.13.0)
      rspec-mocks (~> 2.13.0)
    rspec-core (2.13.1)
    rspec-expectations (2.13.0)
      diff-lcs (>= 1.1.3, < 2.0)
    rspec-mocks (2.13.0)
    taskmapper (0.8.0)
      activeresource (~> 3.0)
      activesupport (~> 3.0)
      hashie (~> 1.2)
    taskmapper-kanbanpad (0.8.1)
      taskmapper (~> 0.8)
    terminal-table (1.4.5)

PLATFORMS
  ruby

DEPENDENCIES
  aruba
  rake
  rdoc
  rspec
  tm!
