PATH
  remote: .
  specs:
    taskmapper-cli (0.0.3)
      gli (= 2.5.5)
      rainbow
      taskmapper (= 1.0.1)
      taskmapper-bugherd
      taskmapper-bugzilla
      taskmapper-fogbugz
      taskmapper-github
      taskmapper-kanbanpad
      taskmapper-lighthouse
      taskmapper-pivotal
      taskmapper-rally
      taskmapper-redmine
      taskmapper-trac
      taskmapper-unfuddle
      terminal-table

GEM
  remote: https://rubygems.org/
  specs:
    activemodel (3.2.13)
      activesupport (= 3.2.13)
      builder (~> 3.0.0)
    activeresource (3.2.13)
      activemodel (= 3.2.13)
      activesupport (= 3.2.13)
    activesupport (3.2.13)
      i18n (= 0.6.1)
      multi_json (~> 1.0)
    addressable (2.3.4)
    aruba (0.5.1)
      childprocess (~> 0.3.6)
      cucumber (>= 1.1.1)
      rspec-expectations (>= 2.7.0)
    bugherd-api (0.0.3)
      activeresource
      activesupport
    builder (3.0.4)
    childprocess (0.3.9)
      ffi (~> 1.0, >= 1.0.11)
    crack (0.3.2)
    cucumber (1.2.5)
      builder (>= 2.1.2)
      diff-lcs (>= 1.1.3)
      gherkin (~> 2.11.7)
      multi_json (~> 1.3)
    diff-lcs (1.2.3)
    faraday (0.8.7)
      multipart-post (~> 1.1)
    faraday_middleware (0.9.0)
      faraday (>= 0.7.4, < 0.9)
    ffi (1.7.0)
    gash (0.1.4)
      open4 (>= 0.9.6)
    gherkin (2.11.8)
      multi_json (~> 1.3)
    git (1.2.5)
    gli (2.5.5)
    grancher (0.1.5)
      gash
    hashie (2.0.3)
    i18n (0.6.1)
    jeweler (1.8.4)
      bundler (~> 1.0)
      git (>= 1.2.5)
      rake
      rdoc
    json (1.7.7)
    lighthouse-api (2.0)
      activeresource (>= 3.0.0)
      activesupport (>= 3.0.0)
    multi_json (1.7.2)
    multipart-post (1.2.0)
    netrc (0.7.7)
    nokogiri (1.5.9)
    octokit (1.24.0)
      addressable (~> 2.2)
      faraday (~> 0.8)
      faraday_middleware (~> 0.9)
      hashie (~> 2.0)
      multi_json (~> 1.3)
      netrc (~> 0.7.7)
    open4 (1.3.0)
    rainbow (1.1.4)
    rake (10.0.4)
    rally_rest_api (1.0.6)
    rdoc (3.12.2)
      json (~> 1.4)
    rspec (2.13.0)
      rspec-core (~> 2.13.0)
      rspec-expectations (~> 2.13.0)
      rspec-mocks (~> 2.13.0)
    rspec-core (2.13.1)
    rspec-expectations (2.13.0)
      diff-lcs (>= 1.1.3, < 2.0)
    rspec-mocks (2.13.1)
    ruby-fogbugz (0.1.1)
      crack
    rubyzilla (0.1.1)
    sdoc (0.3.20)
      json (>= 1.1.3)
      rdoc (~> 3.10)
    taskmapper (1.0.1)
      activeresource (~> 3.0)
      activesupport (~> 3.0)
      hashie (~> 2.0)
    taskmapper-bugherd (0.2.0)
      bugherd-api
      taskmapper
    taskmapper-bugzilla (0.4.0)
      rubyzilla (~> 0.1)
      taskmapper
    taskmapper-fogbugz (0.5.1)
      rake
      ruby-fogbugz (~> 0.1)
      taskmapper
    taskmapper-github (0.12.0)
      octokit
      taskmapper
    taskmapper-kanbanpad (0.9.0)
      taskmapper
    taskmapper-lighthouse (0.10.0)
      addressable (~> 2.2)
      lighthouse-api (~> 2.0)
      taskmapper
      xml-simple (~> 1.1)
    taskmapper-pivotal (0.9.0)
      taskmapper
    taskmapper-rally (0.4.0)
      rally_rest_api (~> 1.0)
      taskmapper
    taskmapper-redmine (0.6.0)
      taskmapper
    taskmapper-trac (0.7.0)
      nokogiri
      nokogiri (~> 1.5)
      taskmapper
      trac4r
      trac4r (~> 1.2)
    taskmapper-unfuddle (0.8.0)
      addressable
      taskmapper
    terminal-table (1.4.5)
    trac4r (1.2.4)
      gli
      gli (>= 1.1.0)
      grancher
      jeweler
      rainbow
      rainbow (>= 1.0.4)
      sdoc
    xml-simple (1.1.2)

PLATFORMS
  ruby

DEPENDENCIES
  aruba
  rake
  rdoc
  rspec
  taskmapper-cli!
